GEM
  remote: https://rubygems.org/
  specs:
    chunky_png (1.3.0)
    compass (0.12.3)
      chunky_png (~> 1.2)
      fssm (>= 0.2.7)
      sass (= 3.2.14)
    compass-normalize (1.5)
      compass (>= 0.12.0)
    fssm (0.2.10)
    sass (3.2.14)

PLATFORMS
  ruby

DEPENDENCIES
  compass
  compass-normalize
